GEM
  remote: https://rubygems.org/
  specs:
    json (1.7.7)
    sqlite3 (1.3.8)

PLATFORMS
  ruby

DEPENDENCIES
  json
  sqlite3
